GEM
  remote: http://rubygems.org/
  specs:
    ZenTest (4.4.2)
    abstract_class (0.0.2)
    activemodel (3.0.9)
      activesupport (= 3.0.9)
      builder (~> 2.1.2)
      i18n (~> 0.5.0)
    activerecord (3.0.9)
      activemodel (= 3.0.9)
      activesupport (= 3.0.9)
      arel (~> 2.0.10)
      tzinfo (~> 0.3.23)
    activesupport (3.0.9)
    arel (2.0.10)
    builder (2.1.2)
    diff-lcs (1.1.2)
    i18n (0.5.0)
    net-sftp (2.0.5)
      net-ssh (>= 2.0.9)
    net-ssh (2.2.1)
    rspec (2.3.0)
      rspec-core (~> 2.3.0)
      rspec-expectations (~> 2.3.0)
      rspec-mocks (~> 2.3.0)
    rspec-core (2.3.1)
    rspec-expectations (2.3.0)
      diff-lcs (~> 1.1.2)
    rspec-mocks (2.3.0)
    typed-array (0.1.2)
    tzinfo (0.3.29)

PLATFORMS
  ruby
  x86-mingw32

DEPENDENCIES
  ZenTest (~> 4.4.2)
  abstract_class
  activerecord
  activesupport
  net-sftp
  net-ssh
  rspec (~> 2.3.0)
  typed-array
