GEM
  remote: http://rubygems.org/
  specs:
    ZenTest (4.4.2)
    activesupport (3.0.9)
    choice (0.1.4)
    diff-lcs (1.1.2)
    i18n (0.6.0)
    rspec (2.3.0)
      rspec-core (~> 2.3.0)
      rspec-expectations (~> 2.3.0)
      rspec-mocks (~> 2.3.0)
    rspec-core (2.3.1)
    rspec-expectations (2.3.0)
      diff-lcs (~> 1.1.2)
    rspec-mocks (2.3.0)
    typed-array (0.1.2)

PLATFORMS
  ruby

DEPENDENCIES
  ZenTest (~> 4.4.2)
  activesupport
  choice
  i18n
  rspec (~> 2.3.0)
  typed-array
