GEM
  remote: http://rubygems.org/
  specs:
    ZenTest (4.4.2)
    activesupport (3.0.9)
    diff-lcs (1.1.2)
    i18n (0.6.0)
    net-sftp (2.0.5)
      net-ssh (>= 2.0.9)
    net-ssh (2.2.1)
    rspec (2.3.0)
      rspec-core (~> 2.3.0)
      rspec-expectations (~> 2.3.0)
      rspec-mocks (~> 2.3.0)
    rspec-core (2.3.1)
    rspec-expectations (2.3.0)
      diff-lcs (~> 1.1.2)
    rspec-mocks (2.3.0)
    typed-array (0.1.2)

PLATFORMS
  ruby
  x86-mingw32

DEPENDENCIES
  ZenTest (~> 4.4.2)
  activesupport
  i18n
  net-sftp
  net-ssh
  rspec (~> 2.3.0)
  typed-array
